GIT
  remote: https://github.com/sinatra/sinatra-contrib.git
  revision: 1aed2897edebbea5e18a5772af9e060a689013fe
  specs:
    sinatra-contrib (1.4.0)
      backports (>= 2.0)
      eventmachine
      rack-protection
      rack-test
      sinatra (~> 1.4.0)
      tilt (~> 1.3)

GIT
  remote: https://github.com/sinatra/sinatra.git
  revision: f12a26cdf86c66baa6d6958aad20fea327558e04
  specs:
    sinatra (1.4.2)
      rack (~> 1.5, >= 1.5.2)
      rack-protection (~> 1.4)
      tilt (~> 1.3, >= 1.3.4)

GEM
  remote: https://rubygems.org/
  specs:
    backports (3.3.0)
    eventmachine (1.0.3)
    ffi (1.8.1)
    listen (1.1.1)
      rb-fsevent (>= 0.9.3)
      rb-inotify (>= 0.9)
      rb-kqueue (>= 0.2)
    multi_json (1.3.7)
    rack (1.5.2)
    rack-protection (1.5.0)
      rack
    rack-test (0.6.2)
      rack (>= 1.0)
    rb-fsevent (0.9.3)
    rb-inotify (0.9.0)
      ffi (>= 0.5.0)
    rb-kqueue (0.2.0)
      ffi (>= 0.5.0)
    rerun (0.8.1)
      listen (>= 1.0.3)
    sinatra-jsonp (0.4.1)
      multi_json (~> 1.3.7)
      sinatra (~> 1.0)
    tilt (1.4.1)

PLATFORMS
  ruby

DEPENDENCIES
  rack
  rerun
  sinatra!
  sinatra-contrib!
  sinatra-jsonp
